GEM
  remote: http://rubygems.org/
  specs:
    cinch (1.1.3)
    crack (0.1.8)
    httparty (0.6.1)
      crack (= 0.1.8)

PLATFORMS
  ruby

DEPENDENCIES
  cinch
  httparty
