GEM
  remote: http://rubygems.org/
  specs:
    cinch (1.1.3)
    httparty (0.10.0)
      multi_json (~> 1.0)
      multi_xml
    multi_json (1.14.1)
    multi_xml (0.6.0)

PLATFORMS
  ruby

DEPENDENCIES
  cinch
  httparty
